GEM
  remote: https://rubygems.org/
  specs:
    basic-rope (0.0.2)
    micromachine (3.0.0)
    wisper (2.0.0)

PLATFORMS
  ruby

DEPENDENCIES
  basic-rope
  micromachine
  wisper (= 2.0.0)

BUNDLED WITH
   1.12.3
