GEM
  remote: https://rubygems.org/
  specs:
    coderay (1.1.0)
    kpeg (1.1.0)
    method_source (0.8.2)
    pry (0.10.1)
      coderay (~> 1.1.0)
      method_source (~> 0.8.1)
      slop (~> 3.4)
    remedy (0.1.2)
    slop (3.6.0)

PLATFORMS
  ruby

DEPENDENCIES
  kpeg
  pry
  remedy

BUNDLED WITH
   1.17.3
