GEM
  remote: https://rubygems.org/
  specs:
    highline (1.7.8)

PLATFORMS
  ruby

DEPENDENCIES
  highline
