GEM
  remote: https://rubygems.org/
  specs:
    micromachine (3.0.0)

PLATFORMS
  ruby

DEPENDENCIES
  micromachine

BUNDLED WITH
   1.12.3
